GEM
  remote: http://rubygems.org/
  specs:
    ZenTest (4.5.0)
    autotest-fsevent (0.2.5)
      sys-uname
    autotest-growl (0.2.9)
    builder (3.0.0)
    capybara (0.4.1.2)
      celerity (>= 0.7.9)
      culerity (>= 0.2.4)
      mime-types (>= 1.16)
      nokogiri (>= 1.3.3)
      rack (>= 1.0.0)
      rack-test (>= 0.5.4)
      selenium-webdriver (>= 0.0.27)
      xpath (~> 0.1.3)
    celerity (0.8.9)
    childprocess (0.1.8)
      ffi (~> 1.0.6)
    ci_reporter (1.6.4)
      builder (>= 2.1.2)
    cucumber (0.10.0)
      builder (>= 2.1.2)
      diff-lcs (~> 1.1.2)
      gherkin (~> 2.3.2)
      json (~> 1.4.6)
      term-ansicolor (~> 1.0.5)
    culerity (0.2.15)
    diff-lcs (1.1.2)
    ffi (1.0.7)
      rake (>= 0.8.7)
    gherkin (2.3.4)
      json (~> 1.4.6)
    headless (0.1.0)
    json (1.4.6)
    json_pure (1.5.1)
    mime-types (1.16)
    nokogiri (1.4.4)
    rack (1.2.2)
    rack-test (0.5.7)
      rack (>= 1.0)
    rake (0.8.7)
    rspec (2.5.0)
      rspec-core (~> 2.5.0)
      rspec-expectations (~> 2.5.0)
      rspec-mocks (~> 2.5.0)
    rspec-core (2.5.1)
    rspec-expectations (2.5.0)
      diff-lcs (~> 1.1.2)
    rspec-mocks (2.5.0)
    rubyzip (0.9.4)
    selenium-webdriver (0.1.4)
      childprocess (>= 0.1.7)
      ffi (>= 1.0.7)
      json_pure
      rubyzip
    sys-uname (0.8.5)
    term-ansicolor (1.0.5)
    xpath (0.1.3)
      nokogiri (~> 1.3)

PLATFORMS
  ruby

DEPENDENCIES
  ZenTest
  autotest-fsevent
  autotest-growl
  capybara
  ci_reporter
  cucumber
  headless
  rspec
